PATH
  remote: .
  specs:
    wahwah (0.1.0)

GEM
  remote: https://rubygems.org/
  specs:
    ast (2.4.0)
    jaro_winkler (1.5.3)
    minitest (5.11.3)
    parallel (1.17.0)
    parser (2.6.3.0)
      ast (~> 2.4.0)
    powerpack (0.1.2)
    rainbow (3.0.0)
    rake (13.0.1)
    rubocop (0.59.2)
      jaro_winkler (~> 1.5.1)
      parallel (~> 1.10)
      parser (>= 2.5, != 2.5.1.1)
      powerpack (~> 0.1)
      rainbow (>= 2.2.2, < 4.0)
      ruby-progressbar (~> 1.7)
      unicode-display_width (~> 1.0, >= 1.0.1)
    ruby-progressbar (1.10.1)
    unicode-display_width (1.6.0)

PLATFORMS
  ruby

DEPENDENCIES
  bundler (~> 1.14.0)
  minitest (~> 5.0)
  rake (~> 13.0)
  rubocop (~> 0.59.0)
  wahwah!

BUNDLED WITH
   1.14.6
